NUGET
  remote: https://nuget.org/api/v2
  specs:
    Argu (1.1.2)
    FAKE (4.8.0)
    FSharp.Compiler.Service (1.4.0.6)
    FSharp.Core (4.0.0.1)
    FSharp.Formatting (2.12.0)
      FSharp.Compiler.Service (1.4.0.6)
      FSharpVSPowerTools.Core (2.1.0)
    FSharpVSPowerTools.Core (2.1.0)
      FSharp.Compiler.Service (>= 1.4.0.6)
    FsPickler (1.5.2)
    FsPickler.Json (1.5.2)
      FsPickler (1.5.2)
      Newtonsoft.Json (>= 6.0.5)
    MBrace.Azure (1.0.0)
      Argu (>= 1.0.0 < 2.0.0)
      FsPickler (>= 1.5.2)
      FsPickler.Json (>= 1.5.2)
      MBrace.Core (>= 1.0.0 < 1.1.0)
      MBrace.Runtime (>= 1.0.0 < 1.1.0)
      Newtonsoft.Json (>= 7.0.1)
      Vagabond (>= 0.12.0)
      WindowsAzure.ServiceBus (>= 2.5.2 < 2.6.0)
      WindowsAzure.Storage (>= 4.3.0 < 4.4.0)
    MBrace.Core (1.0.0)
    MBrace.Flow (1.0.0)
      FSharp.Core
      MBrace.Core (1.0.0)
      Streams (>= 0.4.0 < 0.5.0)
    MBrace.Runtime (1.0.0)
      FsPickler (>= 1.5.0 < 1.6.0)
      FsPickler.Json (>= 1.5.0 < 1.6.0)
      MBrace.Core (1.0.0)
      Vagabond (>= 0.12.0 < 0.13.0)
    MBrace.Thespian (1.0.0)
      Argu (>= 1.0.0 < 2.0.0)
      FsPickler (>= 1.5.0 < 1.6.0)
      MBrace.Core (1.0.0)
      MBrace.Runtime (1.0.0)
      Thespian.Core (0.1.6-alpha)
      Vagabond (>= 0.12.0 < 0.13.0)
    Microsoft.Data.Edm (5.6.4) - framework: winv4.5, wpv8.1, wpv8.0, >= net40
    Microsoft.Data.OData (5.6.4) - framework: winv4.5, wpv8.1, wpv8.0, >= net40
      Microsoft.Data.Edm (5.6.4)
      System.Spatial (5.6.4)
    Microsoft.Data.Services.Client (5.6.4) - framework: >= net40
      Microsoft.Data.OData (5.6.4)
    Microsoft.WindowsAzure.ConfigurationManager (3.1.0) - framework: >= net40
    Mono.Cecil (0.9.6.1)
    Newtonsoft.Json (7.0.1)
    Streams (0.4.1)
    System.Spatial (5.6.4) - framework: winv4.5, wpv8.1, wpv8.0, >= net40
    Thespian.Core (0.1.6-alpha)
      FsPickler (>= 1.2.1)
    Vagabond (0.12.0)
      FsPickler (>= 1.5.0 < 2.0.0)
      Mono.Cecil (>= 0.9.6.1 < 0.9.7)
    WindowsAzure.ServiceBus (2.5.4)
      Microsoft.WindowsAzure.ConfigurationManager
    WindowsAzure.Storage (4.3.0)
      Microsoft.Data.OData (>= 5.6.2) - framework: winv4.5, wpv8.1, wpv8.0, >= net40
      Microsoft.Data.Services.Client (>= 5.6.2) - framework: >= net40
      Microsoft.WindowsAzure.ConfigurationManager (>= 1.8.0.0) - framework: >= net40
      Newtonsoft.Json (>= 5.0.8) - framework: wpv8.0, >= net40
