NUGET
  remote: https://nuget.org/api/v2
  specs:
    Argu (1.1.0)
    FAKE (4.6.4)
    FSharp.Compiler.Service (1.3.1.2)
    FSharp.Formatting (2.11.1-alpha1)
      FSharp.Compiler.Service (>= 0.0.90 < 1.4)
      FSharpVSPowerTools.Core (1.9.0)
    FSharpVSPowerTools.Core (1.9.0)
      FSharp.Compiler.Service (>= 0.0.90)
    FsPickler (1.5.2)
    FsPickler.Json (1.5.2)
      FsPickler (1.5.2)
      Newtonsoft.Json (>= 6.0.5)
    MBrace.Azure (0.13.0-beta)
      Argu (>= 1.0.0 < 2.0.0)
      FsPickler (>= 1.5.2)
      FsPickler.Json (>= 1.5.2)
      MBrace.Core (0.13.1-beta)
      MBrace.Runtime (0.13.1-beta)
      Newtonsoft.Json (>= 7.0.1)
      Vagabond (>= 0.10.0)
      WindowsAzure.ServiceBus (>= 2.5.2 < 2.6.0)
      WindowsAzure.Storage (>= 4.3.0 < 4.4.0)
    MBrace.Core (0.13.1-beta)
    MBrace.Flow (0.13.1-beta)
      MBrace.Core (0.13.1-beta)
      Streams (>= 0.3.0 < 0.4.0)
    MBrace.Runtime (0.13.1-beta)
      FsPickler (>= 1.5.0 < 1.6.0)
      FsPickler.Json (>= 1.5.0 < 1.6.0)
      MBrace.Core (0.13.1-beta)
      Vagabond (>= 0.10.0 < 0.11.0)
    MBrace.Thespian (0.13.1-beta)
      Argu (>= 1.0.0 < 2.0.0)
      FsPickler (>= 1.5.0 < 1.6.0)
      MBrace.Core (0.13.1-beta)
      MBrace.Runtime (0.13.1-beta)
      Thespian.Core (0.1.6-alpha)
      Vagabond (>= 0.10.0 < 0.11.0)
    Microsoft.Data.Edm (5.6.4) - framework: winv4.5, wpv8.1, wpv8.0, >= net40
    Microsoft.Data.OData (5.6.4) - framework: winv4.5, wpv8.1, wpv8.0, >= net40
      Microsoft.Data.Edm (5.6.4)
      System.Spatial (5.6.4)
    Microsoft.Data.Services.Client (5.6.4) - framework: >= net40
      Microsoft.Data.OData (5.6.4)
    Microsoft.WindowsAzure.ConfigurationManager (3.1.0) - framework: >= net40
    Mono.Cecil (0.9.6.1)
    Newtonsoft.Json (7.0.1)
    Streams (0.3.0)
    System.Spatial (5.6.4) - framework: winv4.5, wpv8.1, wpv8.0, >= net40
    Thespian.Core (0.1.6-alpha)
      FsPickler (>= 1.2.1)
    Vagabond (0.10.0)
      FsPickler (>= 1.5.0 < 2.0.0)
      Mono.Cecil (>= 0.9.6.1 < 0.9.7)
    WindowsAzure.ServiceBus (2.5.4)
      Microsoft.WindowsAzure.ConfigurationManager
    WindowsAzure.Storage (4.3.0)
      Microsoft.Data.OData (>= 5.6.2) - framework: winv4.5, wpv8.1, wpv8.0, >= net40
      Microsoft.Data.Services.Client (>= 5.6.2) - framework: >= net40
      Microsoft.WindowsAzure.ConfigurationManager (>= 1.8.0.0) - framework: >= net40
      Newtonsoft.Json (>= 5.0.8) - framework: wpv8.0, >= net40
