NUGET
  remote: https://www.nuget.org/api/v2
  specs:
    Argu (2.1)
    FAKE (4.24.2)
    FSharp.Compiler.Service (2.0.0.6)
    FSharp.Core (4.0.0.1)
    FSharp.Formatting (2.14.2)
      FSharp.Compiler.Service (2.0.0.6)
      FSharpVSPowerTools.Core (>= 2.3 < 2.4)
    FSharpVSPowerTools.Core (2.3)
      FSharp.Compiler.Service (>= 2.0.0.3)
    FsPickler (2.0)
    FsPickler.Json (2.0)
      FsPickler (2.0)
      Newtonsoft.Json (>= 6.0.5)
    Hyak.Common (1.1)
      Microsoft.Bcl (>= 1.1.9) - framework: portable-net403+win+wpa81
      Microsoft.Bcl.Async (>= 1.0.168) - framework: portable-net403+win+wpa81
      Microsoft.Bcl.Build (>= 1.0.14) - framework: portable-net403+win+wpa81
      Microsoft.Net.Http (>= 2.2.22) - framework: portable-net403+win+wpa81
      Newtonsoft.Json (>= 7.0.1) - framework: portable-net403+win+wpa81
    MBrace.Azure (1.2.1)
      Argu (>= 2.0 < 3.0)
      FsPickler (>= 2.0)
      FsPickler.Json (>= 2.0)
      MBrace.Core (>= 1.1 < 1.2)
      MBrace.Runtime (>= 1.1 < 1.2)
      Newtonsoft.Json (>= 8.0.3)
      Vagabond (>= 0.12.9)
      WindowsAzure.ServiceBus (>= 2.5.2 < 2.6)
      WindowsAzure.Storage (>= 4.3 < 4.4)
    MBrace.Azure.Management (1.2.1)
      MBrace.Azure (>= 1.2.1)
      MBrace.Core (>= 1.1 < 1.2)
      MBrace.Runtime (>= 1.1 < 1.2)
      Microsoft.Bcl.Async (>= 1.0 < 2.0)
      Microsoft.WindowsAzure.Management.Libraries (>= 2.0 < 3.0)
      Microsoft.WindowsAzure.Management.ServiceBus (>= 0.17.0-prerelease < 1.0.0-prerelease)
      WindowsAzure.ServiceBus (>= 2.5.2 < 2.6)
      WindowsAzure.Storage (>= 4.3 < 4.4)
    MBrace.Core (1.1.7)
    MBrace.Flow (1.1.7)
      FSharp.Core (>= 3.0)
      MBrace.Core (1.1.7)
      Streams (>= 0.4 < 0.5)
    MBrace.Runtime (1.1.7)
      FsPickler (>= 2.0 < 2.1)
      FsPickler.Json (>= 2.0 < 2.1)
      MBrace.Core (1.1.7)
      Vagabond (>= 0.12.10 < 0.13)
    MBrace.Thespian (1.1.7)
      Argu (>= 2.0 < 3.0)
      FsPickler (>= 2.0 < 2.1)
      MBrace.Core (1.1.7)
      MBrace.Runtime (1.1.7)
      Thespian (>= 0.1.10-alpha < 0.2)
      Vagabond (>= 0.12.10 < 0.13)
    Microsoft.Azure.Common (2.1)
      Hyak.Common (>= 1.0.2)
      Microsoft.Azure.Common.Dependencies (>= 1.0)
    Microsoft.Azure.Common.Dependencies (1.0)
      Microsoft.Bcl (>= 1.1.9) - framework: >= net40, portable-net45+wp80+wpa81+win
      Microsoft.Bcl.Async (>= 1.0.168) - framework: >= net40, portable-net45+wp80+wpa81+win
      Microsoft.Bcl.Build (>= 1.0.14) - framework: >= net40, portable-net45+wp80+wpa81+win
      Microsoft.Net.Http (>= 2.2.22) - framework: >= net40, portable-net45+wp80+wpa81+win
      Newtonsoft.Json (>= 6.0.4) - framework: >= net40, portable-net45+wp80+wpa81+win
    Microsoft.Bcl (1.1.10)
      Microsoft.Bcl.Build (>= 1.0.14)
    Microsoft.Bcl.Async (1.0.168)
      Microsoft.Bcl (>= 1.1.8)
    Microsoft.Bcl.Build (1.0.21) - import_targets: false
    Microsoft.Data.Edm (5.7) - framework: >= net40, winv4.5, wpv8.0, wpav8.1
    Microsoft.Data.OData (5.7) - framework: >= net40, winv4.5, wpv8.0, wpav8.1
      Microsoft.Data.Edm (5.7)
      System.Spatial (5.7)
    Microsoft.Data.Services.Client (5.7) - framework: >= net40
      Microsoft.Data.OData (5.7)
    Microsoft.Net.Http (2.2.29) - framework: >= net40, portable-net403+win+wpa81, portable-net45+wp80+wpa81+win
      Microsoft.Bcl (>= 1.1.10)
      Microsoft.Bcl.Build (>= 1.0.14)
    Microsoft.WindowsAzure.Common (1.4.1)
      Microsoft.WindowsAzure.Common.Dependencies (>= 1.1.1)
    Microsoft.WindowsAzure.Common.Dependencies (1.1.1)
      Microsoft.Bcl (>= 1.1.9) - framework: >= net40, portable-net45+wp80+wpa81+win
      Microsoft.Bcl.Async (>= 1.0.168) - framework: >= net40, portable-net45+wp80+wpa81+win
      Microsoft.Bcl.Build (>= 1.0.14) - framework: >= net40, portable-net45+wp80+wpa81+win
      Microsoft.Net.Http (>= 2.2.22) - framework: >= net40, portable-net45+wp80+wpa81+win
      Newtonsoft.Json (>= 6.0.4) - framework: >= net40, portable-net45+wp80+wpa81+win
    Microsoft.WindowsAzure.ConfigurationManager (3.2.1)
    Microsoft.WindowsAzure.Management (4.1.1)
      Microsoft.Azure.Common (>= 2.0.4 < 3.0)
    Microsoft.WindowsAzure.Management.Compute (12.7)
      Microsoft.Azure.Common (>= 2.0.4 < 3.0)
    Microsoft.WindowsAzure.Management.Libraries (2.0)
      Microsoft.WindowsAzure.Common (>= 1.3 < 2.0)
      Microsoft.WindowsAzure.Management (>= 2.0)
      Microsoft.WindowsAzure.Management.Compute (>= 5.0)
      Microsoft.WindowsAzure.Management.MediaServices (>= 2.0)
      Microsoft.WindowsAzure.Management.Monitoring (>= 1.0)
      Microsoft.WindowsAzure.Management.Network (>= 3.0)
      Microsoft.WindowsAzure.Management.Scheduler (>= 3.0)
      Microsoft.WindowsAzure.Management.Sql (>= 3.0)
      Microsoft.WindowsAzure.Management.Storage (>= 3.0)
      Microsoft.WindowsAzure.Management.WebSites (>= 3.0)
    Microsoft.WindowsAzure.Management.MediaServices (4.1)
      Microsoft.Azure.Common (>= 2.0.1 < 3.0)
    Microsoft.WindowsAzure.Management.Monitoring (4.1)
      Microsoft.Azure.Common (>= 2.0.1 < 3.0)
    Microsoft.WindowsAzure.Management.Network (7.1)
      Microsoft.Azure.Common (>= 2.1 < 3.0)
    Microsoft.WindowsAzure.Management.Scheduler (6.2)
      Microsoft.Azure.Common (>= 2.0.4 < 3.0)
    Microsoft.WindowsAzure.Management.ServiceBus (0.18.0-preview)
      Microsoft.Azure.Common (>= 2.0.4 < 3.0)
    Microsoft.WindowsAzure.Management.Sql (5.2)
      Microsoft.Azure.Common (>= 2.0.4 < 3.0)
    Microsoft.WindowsAzure.Management.Storage (5.1.1)
      Microsoft.Azure.Common (>= 2.0.4 < 3.0)
    Microsoft.WindowsAzure.Management.WebSites (4.0)
      Microsoft.WindowsAzure.Common (>= 1.3 < 2.0)
    Mono.Cecil (0.9.6.1)
    Newtonsoft.Json (8.0.3)
    Streams (0.4.1)
    System.Spatial (5.7) - framework: >= net40, winv4.5, wpv8.0, wpav8.1
    Thespian (0.1.10-alpha)
      FsPickler (>= 1.8)
    Vagabond (0.12.10)
      FsPickler (>= 2.0 < 2.1)
      Mono.Cecil (>= 0.9.6.1 < 0.9.7)
    WindowsAzure.ServiceBus (2.5.4)
      Microsoft.WindowsAzure.ConfigurationManager
    WindowsAzure.Storage (4.3)
      Microsoft.Data.OData (>= 5.6.2) - framework: >= net40, winv4.5, wpv8.0, wpav8.1
      Microsoft.Data.Services.Client (>= 5.6.2) - framework: >= net40
      Microsoft.WindowsAzure.ConfigurationManager (>= 1.8) - framework: >= net40
      Newtonsoft.Json (>= 5.0.8) - framework: >= net40, wpv8.0
