FRAMEWORK: >= NET45
NUGET
  remote: https://www.nuget.org/api/v2
  specs:
    Argu (2.1.0)
    AWSSDK.Core (3.1.5.3)
    AWSSDK.DynamoDBv2 (3.1.4)
      AWSSDK.Core (>= 3.1.4.3 < 3.2.0)
    AWSSDK.S3 (3.1.6.1)
      AWSSDK.Core (>= 3.1.5.3 < 3.2.0)
    AWSSDK.SQS (3.1.0.7)
      AWSSDK.Core (>= 3.1.4.3 < 3.2.0)
    FAKE (4.27.0)
    FSharp.AWS.DynamoDB (0.3.1-beta)
      AWSSDK.DynamoDBv2 (>= 3.1.4)
      Unquote (>= 3.1.1)
    FSharp.Compiler.Service (2.0.0.6)
    FSharp.Core (4.0.0.1)
    FSharp.Formatting (2.14.2)
      FSharp.Compiler.Service (2.0.0.6)
      FSharpVSPowerTools.Core (>= 2.3.0 < 2.4.0)
    FSharpVSPowerTools.Core (2.3.0)
      FSharp.Compiler.Service (>= 2.0.0.3)
    FsPickler (2.1.0)
    FsPickler.Json (2.1.0)
      FsPickler (2.1.0)
      Newtonsoft.Json (>= 6.0.5)
    Hyak.Common (1.1.0)
    MBrace.AWS (0.0.1-alpha)
      Argu (>= 2.0.0 < 3.0.0)
      AWSSDK.DynamoDBv2 (>= 3.0.0 < 4.0.0)
      AWSSDK.S3 (>= 3.0.0 < 4.0.0)
      AWSSDK.SQS (>= 3.0.0 < 4.0.0)
      FSharp.AWS.DynamoDB (>= 0.0.0-prerelease)
      MBrace.Core (>= 1.1.2 < 1.2.0)
      MBrace.Runtime (>= 1.1.2 < 1.2.0)
    MBrace.Azure (1.2.1)
      Argu (>= 2.0.0 < 3.0.0)
      FsPickler (>= 2.0.0)
      FsPickler.Json (>= 2.0.0)
      MBrace.Core (>= 1.1.0 < 1.2.0)
      MBrace.Runtime (>= 1.1.0 < 1.2.0)
      Newtonsoft.Json (>= 8.0.3)
      Vagabond (>= 0.12.9)
      WindowsAzure.ServiceBus (>= 2.5.2 < 2.6.0)
      WindowsAzure.Storage (>= 4.3.0 < 4.4.0)
    MBrace.Azure.Management (1.2.1)
      MBrace.Azure (>= 1.2.1)
      MBrace.Core (>= 1.1.0 < 1.2.0)
      MBrace.Runtime (>= 1.1.0 < 1.2.0)
      Microsoft.Bcl.Async (>= 1.0.0 < 2.0.0)
      Microsoft.WindowsAzure.Management.Libraries (>= 2.0.0 < 3.0.0)
      Microsoft.WindowsAzure.Management.ServiceBus (>= 0.17.0-prerelease < 1.0.0-prerelease)
      WindowsAzure.ServiceBus (>= 2.5.2 < 2.6.0)
      WindowsAzure.Storage (>= 4.3.0 < 4.4.0)
    MBrace.Core (1.1.8)
    MBrace.Flow (1.1.8)
      FSharp.Core (>= 3.0.0)
      MBrace.Core (1.1.8)
      Streams (>= 0.4.0 < 0.5.0)
    MBrace.Runtime (1.1.8)
      FsPickler (>= 2.1.0 < 2.2.0)
      FsPickler.Json (>= 2.1.0 < 2.2.0)
      MBrace.Core (1.1.8)
      Vagabond (>= 0.12.11 < 0.13.0)
    MBrace.Thespian (1.1.8)
      Argu (>= 2.0.0 < 3.0.0)
      FsPickler (>= 2.1.0 < 2.2.0)
      MBrace.Core (1.1.8)
      MBrace.Runtime (1.1.8)
      Thespian (>= 0.1.11-alpha < 0.2.0)
      Vagabond (>= 0.12.11 < 0.13.0)
    Microsoft.Azure.Common (2.1.0)
      Hyak.Common (>= 1.0.2)
      Microsoft.Azure.Common.Dependencies (>= 1.0.0)
    Microsoft.Azure.Common.Dependencies (1.0.0)
      Microsoft.Bcl (>= 1.1.9)
      Microsoft.Bcl.Async (>= 1.0.168)
      Microsoft.Bcl.Build (>= 1.0.14)
      Microsoft.Net.Http (>= 2.2.22)
      Newtonsoft.Json (>= 6.0.4)
    Microsoft.Bcl (1.1.10)
      Microsoft.Bcl.Build (>= 1.0.14)
    Microsoft.Bcl.Async (1.0.168)
      Microsoft.Bcl (>= 1.1.8)
    Microsoft.Bcl.Build (1.0.21) - import_targets: false
    Microsoft.Data.Edm (5.7.0)
    Microsoft.Data.OData (5.7.0)
      Microsoft.Data.Edm (5.7.0)
      System.Spatial (5.7.0)
    Microsoft.Data.Services.Client (5.7.0)
      Microsoft.Data.OData (5.7.0)
    Microsoft.Net.Http (2.2.29)
      Microsoft.Bcl (>= 1.1.10)
      Microsoft.Bcl.Build (>= 1.0.14)
    Microsoft.WindowsAzure.Common (1.4.1)
      Microsoft.WindowsAzure.Common.Dependencies (>= 1.1.1)
    Microsoft.WindowsAzure.Common.Dependencies (1.1.1)
      Microsoft.Bcl (>= 1.1.9)
      Microsoft.Bcl.Async (>= 1.0.168)
      Microsoft.Bcl.Build (>= 1.0.14)
      Microsoft.Net.Http (>= 2.2.22)
      Newtonsoft.Json (>= 6.0.4)
    Microsoft.WindowsAzure.ConfigurationManager (3.2.1)
    Microsoft.WindowsAzure.Management (4.1.1)
      Microsoft.Azure.Common (>= 2.0.4 < 3.0)
    Microsoft.WindowsAzure.Management.Compute (12.8.0)
      Microsoft.Azure.Common (>= 2.0.4 < 3.0.0)
    Microsoft.WindowsAzure.Management.Libraries (2.0.0)
      Microsoft.WindowsAzure.Common (>= 1.3.0 < 2.0)
      Microsoft.WindowsAzure.Management (>= 2.0.0)
      Microsoft.WindowsAzure.Management.Compute (>= 5.0.0)
      Microsoft.WindowsAzure.Management.MediaServices (>= 2.0.0)
      Microsoft.WindowsAzure.Management.Monitoring (>= 1.0.0)
      Microsoft.WindowsAzure.Management.Network (>= 3.0.0)
      Microsoft.WindowsAzure.Management.Scheduler (>= 3.0.0)
      Microsoft.WindowsAzure.Management.Sql (>= 3.0.0)
      Microsoft.WindowsAzure.Management.Storage (>= 3.0.0)
      Microsoft.WindowsAzure.Management.WebSites (>= 3.0.0)
    Microsoft.WindowsAzure.Management.MediaServices (4.1.0)
      Microsoft.Azure.Common (>= 2.0.1 < 3.0)
    Microsoft.WindowsAzure.Management.Monitoring (4.1.0)
      Microsoft.Azure.Common (>= 2.0.1 < 3.0)
    Microsoft.WindowsAzure.Management.Network (7.1.1)
      Microsoft.Azure.Common (>= 2.1.0 < 3.0.0)
    Microsoft.WindowsAzure.Management.Scheduler (6.2.0)
      Microsoft.Azure.Common (>= 2.0.4 < 3.0)
    Microsoft.WindowsAzure.Management.ServiceBus (0.18.0-preview)
      Microsoft.Azure.Common (>= 2.0.4 < 3.0.0)
    Microsoft.WindowsAzure.Management.Sql (5.2.0)
      Microsoft.Azure.Common (>= 2.0.4 < 3.0)
    Microsoft.WindowsAzure.Management.Storage (6.0.0)
      Microsoft.Azure.Common (>= 2.0.4 < 3.0.0)
    Microsoft.WindowsAzure.Management.WebSites (4.0.0)
      Microsoft.WindowsAzure.Common (>= 1.3.0 < 2.0)
    Mono.Cecil (0.9.6.1)
    Newtonsoft.Json (8.0.3)
    Streams (0.4.1)
    System.Spatial (5.7.0)
    Thespian (0.1.11-alpha)
      FsPickler (>= 2.1.0 < 3.0.0)
    Unquote (3.1.1)
    Vagabond (0.12.11)
      FsPickler (>= 2.1.0 < 3.0.0)
      Mono.Cecil (>= 0.9.6.1 < 0.9.7)
    WindowsAzure.ServiceBus (2.5.4)
      Microsoft.WindowsAzure.ConfigurationManager
    WindowsAzure.Storage (4.3.0)
      Microsoft.Data.OData (>= 5.6.2)
      Microsoft.Data.Services.Client (>= 5.6.2)
      Microsoft.WindowsAzure.ConfigurationManager (>= 1.8.0.0)
      Newtonsoft.Json (>= 5.0.8)
